PATH
  remote: .
  specs:
    isomorfeus-speednode (0.1.1)
      execjs (~> 2.7.0)
      oj (~> 3.6.0)

GEM
  remote: https://rubygems.org/
  specs:
    execjs (2.7.0)
    execjs-fastnode (0.2.1)
      execjs (~> 2.0)
    libv8 (6.7.288.46.1)
    mini_racer (0.2.4)
      libv8 (>= 6.3)
    minitest (5.11.3)
    oj (3.6.13)
    rake (12.3.2)

PLATFORMS
  ruby

DEPENDENCIES
  bundler
  execjs-fastnode
  isomorfeus-speednode!
  mini_racer
  minitest (~> 5.0)
  rake

BUNDLED WITH
   2.0.1
